GIT
  remote: https://github.com/alexrudall/ruby-openai.git
  revision: 0409994e110731d1c1b02a6e10448f4e6d08cb55
  specs:
    ruby-openai (7.3.1)
      event_stream_parser (>= 0.3.0, < 2.0.0)
      faraday (>= 1)
      faraday-multipart (>= 1)

GIT
  remote: https://github.com/ausangshukla/acts_as_favoritor.git
  revision: 353fe5010c225a012cf6d34881827c165eb47281
  specs:
    acts_as_favoritor (6.0.1)
      activerecord (>= 5.0)

GIT
  remote: https://github.com/nejdetkadir/devise-api.git
  revision: cb55641b96a086183dcc20544de7e9d8c382cb9d
  branch: main
  specs:
    devise-api (0.2.0)
      devise (>= 4.7.2)
      dry-configurable (~> 1.0, >= 1.0.1)
      dry-initializer (>= 3.1.1)
      dry-monads (>= 1.6.0)
      dry-types (>= 1.7.0)
      rails (>= 6.0.0)

GIT
  remote: https://github.com/ruby/net-pop.git
  revision: e8d0afe2773b9eb6a23c39e9e437f6fc0fc7c733
  specs:
    net-pop (0.1.2)
      net-protocol

GIT
  remote: https://github.com/seuros/capistrano-sidekiq.git
  revision: 784b04c973e5c074dc78c30746077c9e6fd2bb9a
  ref: 784b04c973e5c074dc78c30746077c9e6fd2bb9a
  specs:
    capistrano-sidekiq (2.0.0)
      capistrano (>= 3.9.0)
      capistrano-bundler
      sidekiq (>= 6.0)

GIT
  remote: https://github.com/thimmaiah/rupees.git
  revision: db8a7e8b7b4ae6f1728831d38cdb094c18aba30b
  specs:
    rupees (0.1.0)

GIT
  remote: https://github.com/thimmaiah/xirr.git
  revision: e630a7cbe48dc0d2b6ce49097ca9010643e49ac2
  specs:
    xirr (0.6.1)
      RubyInline (~> 3)
      activesupport (~> 7.0)

GIT
  remote: https://github.com/weshatheleopard/rubyXL.git
  revision: 698d9e6cad9d8b3a9999740a0483f05dcfea5148
  specs:
    rubyXL (3.4.27)
      nokogiri (>= 1.10.8)
      rubyzip (>= 1.3.0)

GEM
  remote: https://rubygems.org/
  specs:
    Ascii85 (2.0.1)
    RubyInline (3.14.1)
      ZenTest (~> 4.3)
    ZenTest (4.12.2)
    actioncable (7.2.2)
      actionpack (= 7.2.2)
      activesupport (= 7.2.2)
      nio4r (~> 2.0)
      websocket-driver (>= 0.6.1)
      zeitwerk (~> 2.6)
    actionmailbox (7.2.2)
      actionpack (= 7.2.2)
      activejob (= 7.2.2)
      activerecord (= 7.2.2)
      activestorage (= 7.2.2)
      activesupport (= 7.2.2)
      mail (>= 2.8.0)
    actionmailer (7.2.2)
      actionpack (= 7.2.2)
      actionview (= 7.2.2)
      activejob (= 7.2.2)
      activesupport (= 7.2.2)
      mail (>= 2.8.0)
      rails-dom-testing (~> 2.2)
    actionpack (7.2.2)
      actionview (= 7.2.2)
      activesupport (= 7.2.2)
      nokogiri (>= 1.8.5)
      racc
      rack (>= 2.2.4, < 3.2)
      rack-session (>= 1.0.1)
      rack-test (>= 0.6.3)
      rails-dom-testing (~> 2.2)
      rails-html-sanitizer (~> 1.6)
      useragent (~> 0.16)
    actiontext (7.2.2)
      actionpack (= 7.2.2)
      activerecord (= 7.2.2)
      activestorage (= 7.2.2)
      activesupport (= 7.2.2)
      globalid (>= 0.6.0)
      nokogiri (>= 1.8.5)
    actionview (7.2.2)
      activesupport (= 7.2.2)
      builder (~> 3.1)
      erubi (~> 1.11)
      rails-dom-testing (~> 2.2)
      rails-html-sanitizer (~> 1.6)
    active_flag (2.0.2)
      activerecord (>= 5)
      bigdecimal
      logger
      mutex_m
    activejob (7.2.2)
      activesupport (= 7.2.2)
      globalid (>= 0.3.6)
    activemodel (7.2.2)
      activesupport (= 7.2.2)
    activemodel-serializers-xml (1.0.3)
      activemodel (>= 5.0.0.a)
      activesupport (>= 5.0.0.a)
      builder (~> 3.1)
    activerecord (7.2.2)
      activemodel (= 7.2.2)
      activesupport (= 7.2.2)
      timeout (>= 0.4.0)
    activerecord-import (1.8.1)
      activerecord (>= 4.2)
    activestorage (7.2.2)
      actionpack (= 7.2.2)
      activejob (= 7.2.2)
      activerecord (= 7.2.2)
      activesupport (= 7.2.2)
      marcel (~> 1.0)
    activesupport (7.2.2)
      base64
      benchmark (>= 0.3)
      bigdecimal
      concurrent-ruby (~> 1.0, >= 1.3.1)
      connection_pool (>= 2.2.5)
      drb
      i18n (>= 1.6, < 2)
      logger (>= 1.4.2)
      minitest (>= 5.1)
      securerandom (>= 0.3)
      tzinfo (~> 2.0, >= 2.0.5)
    acts_as_list (1.2.4)
      activerecord (>= 6.1)
      activesupport (>= 6.1)
    addressable (2.8.7)
      public_suffix (>= 2.0.2, < 7.0)
    administrate (0.20.1)
      actionpack (>= 6.0, < 8.0)
      actionview (>= 6.0, < 8.0)
      activerecord (>= 6.0, < 8.0)
      jquery-rails (~> 4.6.0)
      kaminari (~> 1.2.2)
      sassc-rails (~> 2.1)
      selectize-rails (~> 0.6)
    administrate-field-active_storage (1.0.3)
      administrate (>= 0.2.2)
      rails (>= 7.0)
    administrate-field-boolean_emoji (0.3.0)
      administrate (< 1.0.0)
      rack (~> 2.0, >= 2.0.8)
      rails (>= 4.2, < 8)
    administrate-field-shrine (0.0.5)
      administrate (> 0.5.0)
      rails (>= 4.2)
    afm (0.2.2)
    after_commit_action (1.1.0)
      activerecord (>= 3.0.0)
      activesupport (>= 3.0.0)
    airbrussh (1.5.3)
      sshkit (>= 1.6.1, != 1.7.0)
    ajax-datatables-rails (1.5.0)
      rails (>= 6.0)
      zeitwerk
    ancestry (4.3.3)
      activerecord (>= 5.2.6)
    annotate (3.2.0)
      activerecord (>= 3.2, < 8.0)
      rake (>= 10.4, < 14.0)
    ast (2.4.2)
    audited (5.8.0)
      activerecord (>= 5.2, < 8.2)
      activesupport (>= 5.2, < 8.2)
    awesome_print (1.9.2)
    aws-eventstream (1.3.0)
    aws-partitions (1.1013.0)
    aws-sdk-core (3.213.0)
      aws-eventstream (~> 1, >= 1.3.0)
      aws-partitions (~> 1, >= 1.992.0)
      aws-sigv4 (~> 1.9)
      jmespath (~> 1, >= 1.6.1)
    aws-sdk-ec2 (1.493.0)
      aws-sdk-core (~> 3, >= 3.210.0)
      aws-sigv4 (~> 1.5)
    aws-sdk-kms (1.96.0)
      aws-sdk-core (~> 3, >= 3.210.0)
      aws-sigv4 (~> 1.5)
    aws-sdk-s3 (1.173.0)
      aws-sdk-core (~> 3, >= 3.210.0)
      aws-sdk-kms (~> 1)
      aws-sigv4 (~> 1.5)
    aws-sdk-wafv2 (1.99.0)
      aws-sdk-core (~> 3, >= 3.210.0)
      aws-sigv4 (~> 1.5)
    aws-sigv4 (1.10.1)
      aws-eventstream (~> 1, >= 1.0.2)
    baran (0.1.12)
    base64 (0.2.0)
    bcrypt (3.1.20)
    benchmark (0.4.0)
    better_errors (2.10.1)
      erubi (>= 1.0.0)
      rack (>= 0.9.0)
      rouge (>= 1.0.0)
    better_html (2.1.1)
      actionview (>= 6.0)
      activesupport (>= 6.0)
      ast (~> 2.0)
      erubi (~> 1.4)
      parser (>= 2.4)
      smart_properties
    bigdecimal (3.1.8)
    bindex (0.8.1)
    binding_of_caller (1.0.1)
      debug_inspector (>= 1.2.0)
    blazer (3.1.0)
      activerecord (>= 6.1)
      chartkick (>= 5)
      csv
      railties (>= 7)
      safely_block (>= 0.4)
    bootsnap (1.15.0)
      msgpack (~> 1.2)
    brakeman (6.2.2)
      racc
    builder (3.3.0)
    bullet (8.0.0)
      activesupport (>= 3.0.0)
      uniform_notifier (~> 1.11)
    bundler-audit (0.9.2)
      bundler (>= 1.2.0, < 3)
      thor (~> 1.0)
    byebug (11.1.3)
    capistrano (3.19.2)
      airbrussh (>= 1.0.0)
      i18n
      rake (>= 10.0.0)
      sshkit (>= 1.9.0)
    capistrano-bundler (2.1.1)
      capistrano (~> 3.1)
    capistrano-rails (1.6.3)
      capistrano (~> 3.1)
      capistrano-bundler (>= 1.1, < 3)
    capistrano-rvm (0.1.2)
      capistrano (~> 3.0)
      sshkit (~> 1.2)
    capistrano3-puma (5.2.0)
      capistrano (~> 3.7)
      capistrano-bundler
      puma (>= 4.0, < 6.0)
    capybara (3.40.0)
      addressable
      matrix
      mini_mime (>= 0.1.3)
      nokogiri (~> 1.11)
      rack (>= 1.6.0)
      rack-test (>= 0.6.3)
      regexp_parser (>= 1.5, < 3.0)
      xpath (~> 3.2)
    capybara-email (3.0.2)
      capybara (>= 2.4, < 4.0)
      mail
    capybara-playwright-driver (0.5.2)
      addressable
      capybara
      playwright-ruby-client (>= 1.16.0)
    caxlsx (4.1.0)
      htmlentities (~> 4.3, >= 4.3.4)
      marcel (~> 1.0)
      nokogiri (~> 1.10, >= 1.10.4)
      rubyzip (>= 1.3.0, < 3)
    caxlsx_rails (0.6.4)
      actionpack (>= 3.1)
      caxlsx (>= 3.0)
    character_set (1.8.0)
    chartkick (5.1.2)
    chewy (7.6.0)
      activesupport (>= 5.2)
      elasticsearch (>= 7.14.0, < 8)
      elasticsearch-dsl
    childprocess (5.1.0)
      logger (~> 1.5)
    chronic (0.10.2)
    client_side_validations (22.3.0)
      js_regex (~> 3.7)
      rails (>= 6.1)
    cocoon (1.2.15)
    code_ownership (1.38.1)
      code_teams (~> 1.0)
      packs-specification
      sorbet-runtime (>= 0.5.11249)
    code_teams (1.0.2)
      sorbet-runtime
    coderay (1.1.3)
    combine_pdf (1.0.28)
      matrix
      ruby-rc4 (>= 0.1.5)
    concurrent-ruby (1.3.4)
    connection_pool (2.4.1)
    constant_resolver (0.2.0)
    content_disposition (1.0.0)
    counter_culture (3.8.2)
      activerecord (>= 4.2)
      activesupport (>= 4.2)
    crass (1.0.6)
    cronex (0.15.0)
      tzinfo
      unicode (>= 0.4.4.5)
    csv (3.3.0)
    cucumber (9.2.0)
      builder (~> 3.2)
      cucumber-ci-environment (> 9, < 11)
      cucumber-core (> 13, < 14)
      cucumber-cucumber-expressions (~> 17.0)
      cucumber-gherkin (> 24, < 28)
      cucumber-html-formatter (> 20.3, < 22)
      cucumber-messages (> 19, < 25)
      diff-lcs (~> 1.5)
      mini_mime (~> 1.1)
      multi_test (~> 1.1)
      sys-uname (~> 1.2)
    cucumber-ci-environment (10.0.1)
    cucumber-core (13.0.3)
      cucumber-gherkin (>= 27, < 28)
      cucumber-messages (>= 20, < 23)
      cucumber-tag-expressions (> 5, < 7)
    cucumber-cucumber-expressions (17.1.0)
      bigdecimal
    cucumber-gherkin (27.0.0)
      cucumber-messages (>= 19.1.4, < 23)
    cucumber-html-formatter (21.7.0)
      cucumber-messages (> 19, < 27)
    cucumber-messages (22.0.0)
    cucumber-rails (3.0.1)
      capybara (>= 3.11, < 4)
      cucumber (>= 5, < 10)
      railties (>= 5.2, < 8)
    cucumber-tag-expressions (6.1.1)
    database_cleaner-active_record (2.2.0)
      activerecord (>= 5.a)
      database_cleaner-core (~> 2.0.0)
    database_cleaner-core (2.0.1)
    date (3.4.0)
    debug (1.9.2)
      irb (~> 1.10)
      reline (>= 0.3.8)
    debug_inspector (1.2.0)
    declarative (0.0.20)
    devise (4.9.4)
      bcrypt (~> 3.0)
      orm_adapter (~> 0.1)
      railties (>= 4.1.0)
      responders
      warden (~> 1.2.3)
    diff-lcs (1.5.1)
    disposable (0.6.3)
      declarative (>= 0.0.9, < 1.0.0)
      representable (>= 3.1.1, < 4)
    docile (1.4.1)
    docusign_esign (4.0.0)
      addressable (~> 2.7, >= 2.7.0)
      json (~> 2.1, >= 2.1.0)
      jwt (~> 2.2, >= 2.2.1)
      typhoeus (~> 1.0, >= 1.0.1)
    dotenv (3.1.4)
    dotenv-rails (3.1.4)
      dotenv (= 3.1.4)
      railties (>= 6.1)
    down (5.4.2)
      addressable (~> 2.8)
    draper (4.0.2)
      actionpack (>= 5.0)
      activemodel (>= 5.0)
      activemodel-serializers-xml (>= 1.0)
      activesupport (>= 5.0)
      request_store (>= 1.0)
      ruby2_keywords
    drb (2.2.1)
    dry-configurable (1.2.0)
      dry-core (~> 1.0, < 2)
      zeitwerk (~> 2.6)
    dry-core (1.0.2)
      concurrent-ruby (~> 1.0)
      logger
      zeitwerk (~> 2.6)
    dry-inflector (1.1.0)
    dry-initializer (3.1.1)
    dry-logic (1.5.0)
      concurrent-ruby (~> 1.0)
      dry-core (~> 1.0, < 2)
      zeitwerk (~> 2.6)
    dry-monads (1.6.0)
      concurrent-ruby (~> 1.0)
      dry-core (~> 1.0, < 2)
      zeitwerk (~> 2.6)
    dry-types (1.7.2)
      bigdecimal (~> 3.0)
      concurrent-ruby (~> 1.0)
      dry-core (~> 1.0)
      dry-inflector (~> 1.0)
      dry-logic (~> 1.4)
      zeitwerk (~> 2.6)
    elasticsearch (7.17.11)
      elasticsearch-api (= 7.17.11)
      elasticsearch-transport (= 7.17.11)
    elasticsearch-api (7.17.11)
      multi_json
    elasticsearch-dsl (0.1.10)
    elasticsearch-transport (7.17.11)
      base64
      faraday (>= 1, < 3)
      multi_json
    enumerize (2.8.1)
      activesupport (>= 3.2)
    eqn (1.6.5)
      treetop (>= 1.2.0)
    erubi (1.13.0)
    erubis (2.7.0)
    et-orbi (1.2.11)
      tzinfo
    ethon (0.16.0)
      ffi (>= 1.15.0)
    eu_central_bank (1.7.0)
      money (~> 6.13, >= 6.13.6)
      nokogiri (~> 1.9)
    event_stream_parser (1.0.0)
    exception_notification (4.5.0)
      actionmailer (>= 5.2, < 8)
      activesupport (>= 5.2, < 8)
    factory_bot (6.5.0)
      activesupport (>= 5.0.0)
    factory_bot_rails (6.4.4)
      factory_bot (~> 6.5)
      railties (>= 5.0.0)
    faker (3.5.1)
      i18n (>= 1.8.11, < 2)
    faraday (1.10.4)
      faraday-em_http (~> 1.0)
      faraday-em_synchrony (~> 1.0)
      faraday-excon (~> 1.1)
      faraday-httpclient (~> 1.0)
      faraday-multipart (~> 1.0)
      faraday-net_http (~> 1.0)
      faraday-net_http_persistent (~> 1.0)
      faraday-patron (~> 1.0)
      faraday-rack (~> 1.0)
      faraday-retry (~> 1.0)
      ruby2_keywords (>= 0.0.4)
    faraday-em_http (1.0.0)
    faraday-em_synchrony (1.0.0)
    faraday-excon (1.1.0)
    faraday-httpclient (1.0.1)
    faraday-multipart (1.0.4)
      multipart-post (~> 2)
    faraday-net_http (1.0.2)
    faraday-net_http_persistent (1.2.0)
    faraday-patron (1.0.0)
    faraday-rack (1.0.0)
    faraday-retry (1.0.3)
    ferrum (0.15)
      addressable (~> 2.5)
      concurrent-ruby (~> 1.1)
      webrick (~> 1.7)
      websocket-driver (~> 0.7)
    ferrum_pdf (0.3.0)
      ferrum (~> 0.15)
      rails (>= 6.0.0)
    ffi (1.17.0-x86_64-linux-gnu)
    foreman (0.88.1)
    friendly_id (5.5.1)
      activerecord (>= 4.0.0)
    fugit (1.11.1)
      et-orbi (~> 1, >= 1.2.11)
      raabro (~> 1.4)
    globalid (1.2.1)
      activesupport (>= 6.1)
    groupdate (6.5.1)
      activesupport (>= 7)
    has_scope (0.8.2)
      actionpack (>= 5.2)
      activesupport (>= 5.2)
    hashery (2.1.2)
    hashie (5.0.0)
    hightop (0.5.0)
      activesupport (>= 7)
    hirb (0.7.3)
    htmlbeautifier (1.4.3)
    htmlentities (4.3.4)
    httparty (0.22.0)
      csv
      mini_mime (>= 1.0.0)
      multi_xml (>= 0.5.2)
    humanize (3.1.0)
    i18n (1.14.6)
      concurrent-ruby (~> 1.0)
    image_processing (1.13.0)
      mini_magick (>= 4.9.5, < 5)
      ruby-vips (>= 2.0.17, < 3)
    importmap-rails (2.0.3)
      actionpack (>= 6.0.0)
      activesupport (>= 6.0.0)
      railties (>= 6.0.0)
    iniparse (1.5.0)
    io-console (0.7.2)
    irb (1.14.1)
      rdoc (>= 4.0.0)
      reline (>= 0.4.2)
    jbuilder (2.13.0)
      actionview (>= 5.0.0)
      activesupport (>= 5.0.0)
    jmespath (1.6.2)
    jquery-rails (4.6.0)
      rails-dom-testing (>= 1, < 3)
      railties (>= 4.2.0)
      thor (>= 0.14, < 2.0)
    js_regex (3.12.0)
      character_set (~> 1.4)
      regexp_parser (>= 2.6.2, < 3.0.0)
      regexp_property_values (~> 1.0)
    json (2.8.2)
    json-schema (4.3.1)
      addressable (>= 2.8)
    json2table (1.0.7)
    jwt (2.9.3)
      base64
    kaminari (1.2.2)
      activesupport (>= 4.1.0)
      kaminari-actionview (= 1.2.2)
      kaminari-activerecord (= 1.2.2)
      kaminari-core (= 1.2.2)
    kaminari-actionview (1.2.2)
      actionview
      kaminari-core (= 1.2.2)
    kaminari-activerecord (1.2.2)
      activerecord
      kaminari-core (= 1.2.2)
    kaminari-core (1.2.2)
    langchainrb (0.19.1)
      baran (~> 0.1.9)
      json-schema (~> 4)
      matrix
      pragmatic_segmenter (~> 0.3.0)
      zeitwerk (~> 2.5)
    language_server-protocol (3.17.0.3)
    launchy (3.0.1)
      addressable (~> 2.8)
      childprocess (~> 5.0)
    letter_opener (1.10.0)
      launchy (>= 2.2, < 4)
    libreconv (0.9.5)
    logger (1.6.1)
    loofah (2.23.1)
      crass (~> 1.0.2)
      nokogiri (>= 1.12.0)
    mail (2.8.1)
      mini_mime (>= 0.1.1)
      net-imap
      net-pop
      net-smtp
    mail-logger (0.0.4)
      mail
    marcel (1.0.4)
    marginalia (1.11.1)
      actionpack (>= 5.2)
      activerecord (>= 5.2)
    matrix (0.4.2)
    memoized (1.1.1)
    method_source (1.1.0)
    mime-types (3.6.0)
      logger
      mime-types-data (~> 3.2015)
    mime-types-data (3.2024.1105)
    mini_magick (4.13.2)
    mini_mime (1.1.5)
    minitest (5.25.2)
    monetize (1.13.0)
      money (~> 6.12)
    money (6.19.0)
      i18n (>= 0.6.4, <= 2)
    money-rails (1.15.0)
      activesupport (>= 3.0)
      monetize (~> 1.9)
      money (~> 6.13)
      railties (>= 3.0)
    msgpack (1.7.5)
    multi_json (1.15.0)
    multi_test (1.1.0)
    multi_xml (0.7.1)
      bigdecimal (~> 3.1)
    multipart-post (2.4.1)
    mutex_m (0.3.0)
    mysql2 (0.5.6)
    net-imap (0.5.1)
      date
      net-protocol
    net-protocol (0.2.2)
      timeout
    net-scp (4.0.0)
      net-ssh (>= 2.6.5, < 8.0.0)
    net-sftp (4.0.0)
      net-ssh (>= 5.0.0, < 8.0.0)
    net-smtp (0.5.0)
      net-protocol
    net-ssh (7.3.0)
    nio4r (2.7.4)
    nokogiri (1.16.7-x86_64-linux)
      racc (~> 1.4)
    noticed (2.4.3)
      rails (>= 6.1.0)
    orm_adapter (0.5.0)
    ostruct (0.6.1)
    overcommit (0.64.1)
      childprocess (>= 0.6.3, < 6)
      iniparse (~> 1.4)
      rexml (>= 3.3.9)
    packs (0.0.45)
      bigdecimal
      code_ownership (>= 1.33.0)
      packs-specification
      packwerk
      parse_packwerk (>= 0.25.0)
      rainbow
      sorbet-runtime
      thor
      tty-prompt
    packs-rails (0.0.5)
      activesupport
      packs
      railties
    packs-specification (0.0.10)
      sorbet-runtime
    packwerk (3.2.2)
      activesupport (>= 6.0)
      ast
      better_html
      bundler
      constant_resolver (>= 0.2.0)
      parallel
      parser
      prism (>= 0.25.0)
      sorbet-runtime (>= 0.5.9914)
      zeitwerk (>= 2.6.1)
    parallel (1.26.3)
    parallel_tests (4.7.2)
      parallel
    paranoia (3.0.0)
      activerecord (>= 6, < 8.1)
    parse_packwerk (0.26.0)
      bigdecimal
      sorbet-runtime
    parser (3.3.6.0)
      ast (~> 2.4.1)
      racc
    pastel (0.8.0)
      tty-color (~> 0.5)
    pdf-reader (2.13.0)
      Ascii85 (>= 1.0, < 3.0, != 2.0.0)
      afm (~> 0.2.1)
      hashery (~> 2.0)
      ruby-rc4
      ttfunk
    playwright-ruby-client (1.48.0)
      concurrent-ruby (>= 1.1.6)
      mime-types (>= 3.0)
    polars-df (0.15.0-x86_64-linux)
      bigdecimal
    polyglot (0.3.5)
    pragmatic_segmenter (0.3.24)
    prism (1.2.0)
    prometheus_exporter (2.1.1)
      webrick
    pry (0.14.2)
      coderay (~> 1.1)
      method_source (~> 1.0)
    pry-byebug (3.10.1)
      byebug (~> 11.0)
      pry (>= 0.13, < 0.15)
    psych (5.2.0)
      stringio
    public_activity (3.0.1)
      actionpack (>= 6.1.0)
      activerecord (>= 6.1)
      i18n (>= 0.5.0)
      railties (>= 6.1.0)
    public_suffix (6.0.1)
    puma (5.6.9)
      nio4r (~> 2.0)
    pundit (2.4.0)
      activesupport (>= 3.0.0)
    raabro (1.4.0)
    racc (1.8.1)
    rack (2.2.10)
    rack-attack (6.7.0)
      rack (>= 1.0, < 4)
    rack-mini-profiler (3.3.1)
      rack (>= 1.2.0)
    rack-session (1.0.2)
      rack (< 3)
    rack-test (2.1.0)
      rack (>= 1.3)
    rackup (1.0.1)
      rack (< 3)
      webrick
    rails (7.2.2)
      actioncable (= 7.2.2)
      actionmailbox (= 7.2.2)
      actionmailer (= 7.2.2)
      actionpack (= 7.2.2)
      actiontext (= 7.2.2)
      actionview (= 7.2.2)
      activejob (= 7.2.2)
      activemodel (= 7.2.2)
      activerecord (= 7.2.2)
      activestorage (= 7.2.2)
      activesupport (= 7.2.2)
      bundler (>= 1.15.0)
      railties (= 7.2.2)
    rails-dom-testing (2.2.0)
      activesupport (>= 5.0.0)
      minitest
      nokogiri (>= 1.6)
    rails-html-sanitizer (1.6.0)
      loofah (~> 2.21)
      nokogiri (~> 1.14)
    railties (7.2.2)
      actionpack (= 7.2.2)
      activesupport (= 7.2.2)
      irb (~> 1.13)
      rackup (>= 1.0.0)
      rake (>= 12.2)
      thor (~> 1.0, >= 1.2.2)
      zeitwerk (~> 2.6)
    rainbow (3.1.1)
    rake (13.2.1)
    ransack (4.2.1)
      activerecord (>= 6.1.5)
      activesupport (>= 6.1.5)
      i18n
    rdoc (6.8.1)
      psych (>= 4.0.0)
    redcarpet (3.6.0)
    redis (5.3.0)
      redis-client (>= 0.22.0)
    redis-client (0.22.2)
      connection_pool
    reform (2.6.2)
      disposable (>= 0.5.0, < 1.0.0)
      representable (>= 3.1.1, < 4)
      uber (< 0.2.0)
    regexp_parser (2.9.2)
    regexp_property_values (1.5.2)
    reline (0.5.11)
      io-console (~> 0.5)
    representable (3.2.0)
      declarative (< 0.1.0)
      trailblazer-option (>= 0.1.1, < 0.2.0)
      uber (< 0.2.0)
    request_store (1.7.0)
      rack (>= 1.4)
    responders (3.1.1)
      actionpack (>= 5.2)
      railties (>= 5.2)
    rexml (3.3.9)
    roda (3.86.0)
      rack
    rolify (6.0.1)
    roo (2.10.1)
      nokogiri (~> 1)
      rubyzip (>= 1.3.0, < 3.0.0)
    rouge (4.5.1)
    rspec-core (3.13.2)
      rspec-support (~> 3.13.0)
    rspec-expectations (3.13.3)
      diff-lcs (>= 1.2.0, < 2.0)
      rspec-support (~> 3.13.0)
    rspec-mocks (3.13.2)
      diff-lcs (>= 1.2.0, < 2.0)
      rspec-support (~> 3.13.0)
    rspec-rails (7.1.0)
      actionpack (>= 7.0)
      activesupport (>= 7.0)
      railties (>= 7.0)
      rspec-core (~> 3.13)
      rspec-expectations (~> 3.13)
      rspec-mocks (~> 3.13)
      rspec-support (~> 3.13)
    rspec-support (3.13.1)
    rswag-api (2.16.0)
      activesupport (>= 5.2, < 8.1)
      railties (>= 5.2, < 8.1)
    rswag-ui (2.16.0)
      actionpack (>= 5.2, < 8.1)
      railties (>= 5.2, < 8.1)
    rubocop (1.68.0)
      json (~> 2.3)
      language_server-protocol (>= 3.17.0)
      parallel (~> 1.10)
      parser (>= 3.3.0.2)
      rainbow (>= 2.2.2, < 4.0)
      regexp_parser (>= 2.4, < 3.0)
      rubocop-ast (>= 1.32.2, < 2.0)
      ruby-progressbar (~> 1.7)
      unicode-display_width (>= 2.4.0, < 3.0)
    rubocop-ast (1.36.1)
      parser (>= 3.3.1.0)
    rubocop-performance (1.23.0)
      rubocop (>= 1.48.1, < 2.0)
      rubocop-ast (>= 1.31.1, < 2.0)
    rubocop-rails (2.27.0)
      activesupport (>= 4.2.0)
      rack (>= 1.1)
      rubocop (>= 1.52.0, < 2.0)
      rubocop-ast (>= 1.31.1, < 2.0)
    rubocop-rspec (3.2.0)
      rubocop (~> 1.61)
    ruby-ole (1.2.13.1)
    ruby-progressbar (1.13.0)
    ruby-rc4 (0.1.5)
    ruby-vips (2.2.2)
      ffi (~> 1.12)
      logger
    ruby2_keywords (0.0.5)
    ruby_http_client (3.5.5)
    rubyzip (2.3.2)
    sablon (0.4.1)
      nokogiri (>= 1.8.5)
      rubyzip (>= 1.3.0)
    safely_block (0.4.1)
    sanitize_email (2.0.7)
      mail (~> 2.0)
      version_gem (~> 1.1, >= 1.1.4)
    sassc (2.4.0)
      ffi (~> 1.9)
    sassc-rails (2.1.2)
      railties (>= 4.0.0)
      sassc (>= 2.0)
      sprockets (> 3.0)
      sprockets-rails
      tilt
    securerandom (0.3.2)
    selectize-rails (0.12.6)
    selenium-webdriver (4.10.0)
      rexml (~> 3.2, >= 3.2.5)
      rubyzip (>= 1.2.2, < 3.0)
      websocket (~> 1.0)
    sendgrid-ruby (6.7.0)
      ruby_http_client (~> 3.4)
    shrine (3.6.0)
      content_disposition (~> 1.0)
      down (~> 5.1)
    sidekiq (7.3.6)
      connection_pool (>= 2.3.0)
      logger
      rack (>= 2.2.4)
      redis-client (>= 0.22.2)
    sidekiq-cron (2.0.1)
      cronex (>= 0.13.0)
      fugit (~> 1.8, >= 1.11.1)
      globalid (>= 1.0.1)
      sidekiq (>= 6.5.0)
    simplecov (0.22.0)
      docile (~> 1.1)
      simplecov-html (~> 0.11)
      simplecov_json_formatter (~> 0.1)
    simplecov-html (0.13.1)
    simplecov_json_formatter (0.1.4)
    smart_properties (1.17.0)
    solid_cache (1.0.2)
      activejob (>= 7.2)
      activerecord (>= 7.2)
      railties (>= 7.2)
    sorbet-runtime (0.5.11663)
    spreadsheet (1.3.3)
      bigdecimal
      ruby-ole
    sprockets (4.2.1)
      concurrent-ruby (~> 1.0)
      rack (>= 2.2.4, < 4)
    sprockets-rails (3.5.2)
      actionpack (>= 6.1)
      activesupport (>= 6.1)
      sprockets (>= 3.0.0)
    sqlite3 (2.3.0-x86_64-linux-gnu)
    sshkit (1.23.2)
      base64
      net-scp (>= 1.1.2)
      net-sftp (>= 2.1.2)
      net-ssh (>= 2.8.0)
      ostruct
    stimulus-rails (1.3.4)
      railties (>= 6.0.0)
    stringio (3.1.2)
    sys-uname (1.3.1)
      ffi (~> 1.1)
    thor (1.3.2)
    tilt (2.4.0)
    timeout (0.4.2)
    to_words (1.1.1)
    trailblazer (2.1.3)
      trailblazer-activity-dsl-linear (>= 1.2.3, < 1.3.0)
      trailblazer-developer (>= 0.1.0, < 0.2.0)
      trailblazer-macro (>= 2.1.15, < 2.2.0)
      trailblazer-macro-contract (>= 2.1.4, < 2.2.0)
      trailblazer-operation (>= 0.9.0, < 1.0.0)
    trailblazer-activity (0.17.0)
      trailblazer-context (~> 0.5.0)
      trailblazer-option (~> 0.1.0)
    trailblazer-activity-dsl-linear (1.2.6)
      trailblazer-activity (>= 0.17.0, < 0.18.0)
      trailblazer-declarative (>= 0.0.1, < 0.1.0)
    trailblazer-context (0.5.1)
      hashie (>= 3.0.0)
    trailblazer-declarative (0.0.2)
    trailblazer-developer (0.1.0)
      hirb
      trailblazer-activity-dsl-linear (>= 1.2.0, < 1.3.0)
    trailblazer-macro (2.1.16)
      trailblazer-activity-dsl-linear (>= 1.2.0, < 1.3.0)
      trailblazer-operation (>= 0.10.1)
    trailblazer-macro-contract (2.1.5)
      reform (>= 2.2.0, < 3.0.0)
      trailblazer-activity-dsl-linear (>= 1.2.0, < 1.3.0)
    trailblazer-operation (0.11.0)
      trailblazer-activity-dsl-linear (>= 1.2.3, < 1.4.0)
      trailblazer-developer (>= 0.1.0, < 0.2.0)
    trailblazer-option (0.1.2)
    treetop (1.6.12)
      polyglot (~> 0.3)
    ttfunk (1.8.0)
      bigdecimal (~> 3.1)
    tty-color (0.6.0)
    tty-cursor (0.7.1)
    tty-prompt (0.23.1)
      pastel (~> 0.8)
      tty-reader (~> 0.8)
    tty-reader (0.9.0)
      tty-cursor (~> 0.7)
      tty-screen (~> 0.8)
      wisper (~> 2.0)
    tty-screen (0.8.2)
    turbo-rails (2.0.11)
      actionpack (>= 6.0.0)
      railties (>= 6.0.0)
    typhoeus (1.4.1)
      ethon (>= 0.9.0)
    tzinfo (2.0.6)
      concurrent-ruby (~> 1.0)
    uber (0.1.0)
    unicode (0.4.4.5)
    unicode-display_width (2.6.0)
    uniform_notifier (1.16.0)
    uppy-s3_multipart (1.2.1)
      aws-sdk-s3 (~> 1.0)
      content_disposition (~> 1.0)
      roda (>= 2.27, < 4)
    useragent (0.16.10)
    vega (0.4.0)
    version_gem (1.1.4)
    view_component (3.20.0)
      activesupport (>= 5.2.0, < 8.1)
      concurrent-ruby (~> 1.0)
      method_source (~> 1.0)
    warden (1.2.9)
      rack (>= 2.0.9)
    web-console (4.2.1)
      actionview (>= 6.0.0)
      activemodel (>= 6.0.0)
      bindex (>= 0.4.0)
      railties (>= 6.0.0)
    webdrivers (5.3.1)
      nokogiri (~> 1.6)
      rubyzip (>= 1.3.0)
      selenium-webdriver (~> 4.0, < 4.11)
    webrick (1.9.0)
    websocket (1.2.11)
    websocket-driver (0.7.6)
      websocket-extensions (>= 0.1.0)
    websocket-extensions (0.1.5)
    whenever (1.0.0)
      chronic (>= 0.6.3)
    wikipedia-client (1.17.0)
      addressable (~> 2.7)
    wisper (2.0.1)
    xpath (3.2.0)
      nokogiri (~> 1.8)
    yajl-ruby (1.4.3)
    zeitwerk (2.7.1)

PLATFORMS
  x86_64-linux

DEPENDENCIES
  active_flag
  activerecord-import
  acts_as_favoritor!
  acts_as_list
  administrate
  administrate-field-active_storage
  administrate-field-boolean_emoji
  administrate-field-shrine
  after_commit_action
  ajax-datatables-rails
  ancestry
  annotate
  audited
  awesome_print
  aws-sdk-ec2
  aws-sdk-s3
  aws-sdk-wafv2
  better_errors
  binding_of_caller
  blazer
  bootsnap (= 1.15.0)
  brakeman
  bullet
  bundler-audit
  capistrano (~> 3.5)
  capistrano-bundler (~> 2.0)
  capistrano-rails
  capistrano-rvm
  capistrano-sidekiq!
  capistrano3-puma (= 5.2.0)
  capybara
  capybara-email
  capybara-playwright-driver
  caxlsx
  caxlsx_rails
  chartkick
  chewy
  client_side_validations
  cocoon
  combine_pdf
  counter_culture
  cucumber-rails
  database_cleaner-active_record
  debug
  devise
  devise-api!
  docusign_esign (~> 4.0.0.rc1)
  dotenv-rails
  draper
  enumerize
  eqn
  erubis
  eu_central_bank
  exception_notification
  factory_bot_rails
  faker
  faraday (~> 1.10.3)
  ferrum_pdf (~> 0.3.0)
  foreman
  friendly_id
  groupdate
  has_scope
  hashie
  hightop
  htmlbeautifier
  httparty
  humanize
  image_processing (~> 1.2)
  importmap-rails
  jbuilder
  json2table
  kaminari
  langchainrb
  letter_opener
  libreconv
  mail-logger
  marginalia
  memoized
  mini_magick
  money-rails (~> 1.12)
  mysql2
  net-pop!
  net-ssh
  noticed
  overcommit
  packs-rails
  parallel_tests
  paranoia
  parser
  pdf-reader
  polars-df
  prometheus_exporter
  pry-byebug
  public_activity
  puma (< 6.0)
  pundit
  rack-attack
  rack-mini-profiler
  rails (~> 7.2)
  ransack
  redcarpet
  redis
  rolify
  roo
  rspec-rails
  rswag-api
  rswag-ui
  rubocop-performance
  rubocop-rails
  rubocop-rspec
  ruby-openai!
  rubyXL!
  rubyzip
  rupees!
  sablon
  sanitize_email (= 2.0.7)
  sassc-rails
  sendgrid-ruby
  shrine (~> 3.3)
  sidekiq
  sidekiq-cron
  simplecov
  solid_cache (= 1.0.2)
  spreadsheet
  sprockets-rails
  sqlite3
  stimulus-rails
  to_words
  trailblazer
  turbo-rails
  tzinfo-data
  uppy-s3_multipart (~> 1.1)
  vega
  view_component
  web-console
  webdrivers
  whenever
  wikipedia-client
  xirr!
  yajl-ruby

BUNDLED WITH
   2.3.12
